GEM
  remote: https://rubygems.org/
  specs:
    addressable (2.7.0)
      public_suffix (>= 2.0.2, < 5.0)
    akami (1.3.1)
      gyoku (>= 0.4.0)
      nokogiri
    builder (3.2.4)
    chunky_png (1.3.14)
    colorize (0.8.1)
    gyoku (1.3.1)
      builder (>= 2.1.2)
    httmultiparty (0.3.16)
      httparty (>= 0.7.3)
      mimemagic
      multipart-post
    httparty (0.18.1)
      mime-types (~> 3.0)
      multi_xml (>= 0.5.2)
    httpi (2.4.5)
      rack
      socksify
    json (2.3.1)
    mime-types (3.3.1)
      mime-types-data (~> 3.2015)
    mime-types-data (3.2020.1104)
    mimemagic (0.3.5)
    mini_portile2 (2.4.0)
    multi_xml (0.6.0)
    multipart-post (2.1.1)
    nokogiri (1.10.10)
      mini_portile2 (~> 2.4.0)
    nori (2.6.0)
    ocr (0.3.1)
      nokogiri (>= 1.5.0)
      savon (>= 0.9.9)
    ocr_space (2.3.7)
      colorize
      httmultiparty
      httparty
      json
    public_suffix (4.0.6)
    rack (2.2.3)
    savon (2.12.1)
      akami (~> 1.2)
      builder (>= 2.1.2)
      gyoku (~> 1.2)
      httpi (~> 2.3)
      nokogiri (>= 1.8.1)
      nori (~> 2.4)
      wasabi (~> 3.4)
    socksify (1.7.1)
    wasabi (3.6.1)
      addressable
      httpi (~> 2.0)
      nokogiri (>= 1.4.2)

PLATFORMS
  ruby

DEPENDENCIES
  chunky_png
  httparty (~> 0.18.1)
  ocr
  ocr_space (~> 2.3, >= 2.3.7)

BUNDLED WITH
   2.1.4
