GEM
  remote: https://rubygems.org/
  specs:
    chunky_png (1.3.14)
    colorize (0.8.1)
    httmultiparty (0.3.16)
      httparty (>= 0.7.3)
      mimemagic
      multipart-post
    httparty (0.18.1)
      mime-types (~> 3.0)
      multi_xml (>= 0.5.2)
    json (2.3.1)
    mime-types (3.3.1)
      mime-types-data (~> 3.2015)
    mime-types-data (3.2020.1104)
    mimemagic (0.3.5)
    multi_xml (0.6.0)
    multipart-post (2.1.1)
    ocr_space (2.3.7)
      colorize
      httmultiparty
      httparty
      json

PLATFORMS
  ruby

DEPENDENCIES
  chunky_png
  ocr_space (~> 2.3, >= 2.3.7)

BUNDLED WITH
   2.1.4
